PATH
  remote: .
  specs:
    rouge (3.0.0)

GEM
  remote: http://rubygems.org/
  specs:
    ast (2.3.0)
    coderay (1.1.2)
    github-markup (1.6.2)
    method_source (0.9.0)
    minitest (5.10.3)
    minitest-power_assert (0.3.0)
      minitest
      power_assert (>= 1.1)
    mustermann (1.0.1)
    parallel (1.12.0)
    parser (2.4.0.2)
      ast (~> 2.3)
    power_assert (1.1.1)
    powerpack (0.1.1)
    pry (0.11.3)
      coderay (~> 1.1.0)
      method_source (~> 0.9.0)
    rack (2.0.3)
    rack-protection (2.0.0)
      rack
    rainbow (2.2.2)
      rake
    rake (12.3.0)
    redcarpet (3.4.0)
    rubocop (0.49.1)
      parallel (~> 1.10)
      parser (>= 2.3.3.1, < 3.0)
      powerpack (~> 0.1)
      rainbow (>= 1.99.1, < 3.0)
      ruby-progressbar (~> 1.7)
      unicode-display_width (~> 1.0, >= 1.0.1)
    ruby-progressbar (1.9.0)
    shotgun (0.9.2)
      rack (>= 1.0)
    sinatra (~> 2.0.2)
      mustermann (~> 1.0)
      rack (~> 2.0)
      rack-protection (= 2.0.0)
      tilt (~> 2.0)
    tilt (2.0.8)
    unicode-display_width (1.3.0)
    yard (0.9.12)

PLATFORMS
  ruby

DEPENDENCIES
  bundler (~> 1.15)
  github-markup
  minitest (>= 5.0)
  minitest-power_assert
  pry
  rake
  redcarpet
  rouge!
  rubocop (~> 0.49.1)
  shotgun
  sinatra
  yard

BUNDLED WITH
   1.16.0.pre.2
